GEM
  remote: http://rubygems.org/
  specs:
    addressable (2.3.2)
    bouncy-castle-java (1.5.0146.1)
    diff-lcs (1.1.3)
    extlib (0.9.16)
    faraday (0.8.4)
      multipart-post (~> 1.1)
    ffi (1.1.5-java)
    jruby-openssl (0.8.2)
      bouncy-castle-java (>= 1.5.0146.1)
    jwt (0.1.5)
      multi_json (>= 1.0)
    kramdown (0.14.1)
    launchy (2.1.2)
      addressable (~> 2.3)
    launchy (2.1.2-java)
      addressable (~> 2.3)
      ffi (~> 1.1.1)
      spoon (~> 0.0.1)
    multi_json (1.5.0)
    multipart-post (1.1.5)
    rake (10.0.3)
    rcov (1.0.0)
    rspec (2.12.0)
      rspec-core (~> 2.12.0)
      rspec-expectations (~> 2.12.0)
      rspec-mocks (~> 2.12.0)
    rspec-core (2.12.2)
    rspec-expectations (2.12.1)
      diff-lcs (~> 1.1.3)
    rspec-mocks (2.12.1)
    spoon (0.0.1)
    yard (0.8.3)

PLATFORMS
  java
  ruby

DEPENDENCIES
  addressable (>= 2.3.1)
  extlib (>= 0.9.15)
  faraday (~> 0.8.1)
  jruby-openssl
  jwt (>= 0.1.5)
  kramdown
  launchy (>= 2.1.1)
  multi_json (>= 1.0.0)
  rake (>= 0.9.0)
  rcov (>= 0.9.9)
  rspec (>= 2.11.0)
  yard
